GEM
  remote: https://rubygems.org/
  specs:
    power_assert (1.1.0)
    rake (12.0.0)
    test-unit (3.2.5)
      power_assert

PLATFORMS
  x86-mingw32

DEPENDENCIES
  rake
  test-unit

BUNDLED WITH
   1.13.7
