GEM
  remote: https://rubygems.org/
  specs:
    power_assert (1.1.6)
    rake (12.3.3)
    test-unit (3.2.5)
      power_assert

PLATFORMS
  ruby
  x86-mingw32

DEPENDENCIES
  rake (= 12.3.3)
  test-unit (= 3.2.5)

BUNDLED WITH
   1.17.2
